GIT
  remote: https://github.com/ghiculescu/devise.git
  revision: b9b793c74f85a0730402f75a00bee1f489ab02d7
  branch: error-code-422
  specs:
    devise (4.8.1)
      bcrypt (~> 3.0)
      orm_adapter (~> 0.1)
      railties (>= 4.1.0)
      responders
      warden (~> 1.2.3)

GIT
  remote: https://github.com/heartcombo/responders.git
  revision: a677558a96aeefa7b6c79f06ed605cc371282d8c
  specs:
    responders (3.1.1)
      actionpack (>= 5.2)
      railties (>= 5.2)

GEM
  remote: https://rubygems.org/
  specs:
    actioncable (6.1.7.9)
      actionpack (= 6.1.7.9)
      activesupport (= 6.1.7.9)
      nio4r (~> 2.0)
      websocket-driver (>= 0.6.1)
    actionmailbox (6.1.7.9)
      actionpack (= 6.1.7.9)
      activejob (= 6.1.7.9)
      activerecord (= 6.1.7.9)
      activestorage (= 6.1.7.9)
      activesupport (= 6.1.7.9)
      mail (>= 2.7.1)
    actionmailer (6.1.7.9)
      actionpack (= 6.1.7.9)
      actionview (= 6.1.7.9)
      activejob (= 6.1.7.9)
      activesupport (= 6.1.7.9)
      mail (~> 2.5, >= 2.5.4)
      rails-dom-testing (~> 2.0)
    actionpack (6.1.7.9)
      actionview (= 6.1.7.9)
      activesupport (= 6.1.7.9)
      rack (~> 2.0, >= 2.0.9)
      rack-test (>= 0.6.3)
      rails-dom-testing (~> 2.0)
      rails-html-sanitizer (~> 1.0, >= 1.2.0)
    actiontext (6.1.7.9)
      actionpack (= 6.1.7.9)
      activerecord (= 6.1.7.9)
      activestorage (= 6.1.7.9)
      activesupport (= 6.1.7.9)
      nokogiri (>= 1.8.5)
    actionview (6.1.7.9)
      activesupport (= 6.1.7.9)
      builder (~> 3.1)
      erubi (~> 1.4)
      rails-dom-testing (~> 2.0)
      rails-html-sanitizer (~> 1.1, >= 1.2.0)
    activejob (6.1.7.9)
      activesupport (= 6.1.7.9)
      globalid (>= 0.3.6)
    activemodel (6.1.7.9)
      activesupport (= 6.1.7.9)
    activemodel-serializers-xml (1.0.2)
      activemodel (> 5.x)
      activesupport (> 5.x)
      builder (~> 3.1)
    activerecord (6.1.7.9)
      activemodel (= 6.1.7.9)
      activesupport (= 6.1.7.9)
    activestorage (6.1.7.9)
      actionpack (= 6.1.7.9)
      activejob (= 6.1.7.9)
      activerecord (= 6.1.7.9)
      activesupport (= 6.1.7.9)
      marcel (~> 1.0)
      mini_mime (>= 1.1.0)
    activesupport (6.1.7.9)
      concurrent-ruby (~> 1.0, >= 1.0.2)
      i18n (>= 1.6, < 2)
      minitest (>= 5.1)
      tzinfo (~> 2.0)
      zeitwerk (~> 2.3)
    addressable (2.8.5)
      public_suffix (>= 2.0.2, < 6.0)
    annotate (3.1.1)
      activerecord (>= 3.2, < 7.0)
      rake (>= 10.4, < 14.0)
    ast (2.4.2)
    base64 (0.1.1)
    bcrypt (3.1.19)
    bindex (0.8.1)
    bootsnap (1.17.0)
      msgpack (~> 1.2)
    builder (3.3.0)
    bullet (7.1.2)
      activesupport (>= 3.0.0)
      uniform_notifier (~> 1.11)
    capybara (3.39.2)
      addressable
      matrix
      mini_mime (>= 0.1.3)
      nokogiri (~> 1.8)
      rack (>= 1.6.0)
      rack-test (>= 0.6.3)
      regexp_parser (>= 1.5, < 3.0)
      xpath (~> 3.2)
    coderay (1.1.3)
    concurrent-ruby (1.3.4)
    connection_pool (2.4.1)
    crass (1.0.6)
    database_cleaner (2.0.2)
      database_cleaner-active_record (>= 2, < 3)
    database_cleaner-active_record (2.1.0)
      activerecord (>= 5.a)
      database_cleaner-core (~> 2.0.0)
    database_cleaner-core (2.0.1)
    date (3.4.1)
    diff-lcs (1.5.0)
    draper (4.0.2)
      actionpack (>= 5.0)
      activemodel (>= 5.0)
      activemodel-serializers-xml (>= 1.0)
      activesupport (>= 5.0)
      request_store (>= 1.0)
      ruby2_keywords
    erb2haml (0.1.5)
      html2haml
    erubi (1.13.0)
    erubis (2.7.0)
    execjs (2.9.1)
    factory_bot (6.2.1)
      activesupport (>= 5.0.0)
    factory_bot_rails (6.2.0)
      factory_bot (~> 6.2.0)
      railties (>= 5.0.0)
    faker (2.23.0)
      i18n (>= 1.8.11, < 2)
    faraday (2.7.11)
      base64
      faraday-net_http (>= 2.0, < 3.1)
      ruby2_keywords (>= 0.0.4)
    faraday-net_http (3.0.2)
    ffaker (2.23.0)
    ffi (1.16.3)
    geocoder (1.8.2)
    globalid (1.2.1)
      activesupport (>= 6.1)
    haml (6.2.3)
      temple (>= 0.8.2)
      thor
      tilt
    haml-rails (2.1.0)
      actionpack (>= 5.1)
      activesupport (>= 5.1)
      haml (>= 4.0.6)
      railties (>= 5.1)
    hashie (5.0.0)
    hotwire-rails (0.1.3)
      rails (>= 6.0.0)
      stimulus-rails
      turbo-rails
    html2haml (2.3.0)
      erubis (~> 2.7.0)
      haml (>= 4.0)
      nokogiri (>= 1.6.0)
      ruby_parser (~> 3.5)
    i18n (1.14.6)
      concurrent-ruby (~> 1.0)
    image_processing (1.12.2)
      mini_magick (>= 4.9.5, < 5)
      ruby-vips (>= 2.0.17, < 3)
    jbuilder (2.11.5)
      actionview (>= 5.0.0)
      activesupport (>= 5.0.0)
    json (2.6.3)
    jwt (2.7.1)
    language_server-protocol (3.17.0.3)
    launchy (2.5.2)
      addressable (~> 2.8)
    ldap_lookup (0.1.8)
      net-ldap (~> 0.18.0)
    letter_opener (1.8.1)
      launchy (>= 2.2, < 3)
    letter_opener_web (2.0.0)
      actionmailer (>= 5.2)
      letter_opener (~> 1.7)
      railties (>= 5.2)
      rexml
    lint_roller (1.1.0)
    listen (3.8.0)
      rb-fsevent (~> 0.10, >= 0.10.3)
      rb-inotify (~> 0.9, >= 0.9.10)
    loofah (2.23.1)
      crass (~> 1.0.2)
      nokogiri (>= 1.12.0)
    mail (2.8.1)
      mini_mime (>= 0.1.1)
      net-imap
      net-pop
      net-smtp
    marcel (1.0.4)
    matrix (0.4.2)
    method_source (1.0.0)
    mini_magick (4.12.0)
    mini_mime (1.1.5)
    minitest (5.25.1)
    msgpack (1.7.2)
    multi_xml (0.6.0)
    net-imap (0.4.19)
      date
      net-protocol
    net-ldap (0.18.0)
    net-pop (0.1.2)
      net-protocol
    net-protocol (0.2.2)
      timeout
    net-smtp (0.4.0.1)
      net-protocol
    nio4r (2.7.3)
    nokogiri (1.18.3-arm64-darwin)
      racc (~> 1.4)
    nokogiri (1.18.3-x86_64-linux)
      racc (~> 1.4)
    oauth2 (2.0.9)
      faraday (>= 0.17.3, < 3.0)
      jwt (>= 1.0, < 3.0)
      multi_xml (~> 0.5)
      rack (>= 1.2, < 4)
      snaky_hash (~> 2.0)
      version_gem (~> 1.1)
    omniauth (2.1.2)
      hashie (>= 3.4.6)
      rack (>= 2.2.3)
      rack-protection
    omniauth-google-oauth2 (1.1.1)
      jwt (>= 2.0)
      oauth2 (~> 2.0.6)
      omniauth (~> 2.0)
      omniauth-oauth2 (~> 1.8.0)
    omniauth-oauth2 (1.8.0)
      oauth2 (>= 1.4, < 3)
      omniauth (~> 2.0)
    omniauth-rails_csrf_protection (1.0.1)
      actionpack (>= 4.2)
      omniauth (~> 2.0)
    omniauth-saml (2.1.2)
      omniauth (~> 2.1)
      ruby-saml (~> 1.17)
    order_as_specified (1.7)
      activerecord (>= 5.0.0)
    orm_adapter (0.5.0)
    pagy (6.1.0)
    parallel (1.23.0)
    parser (3.2.2.4)
      ast (~> 2.4.1)
      racc
    pg (1.5.4)
    pg_search (2.3.6)
      activerecord (>= 5.2)
      activesupport (>= 5.2)
    pry (0.14.2)
      coderay (~> 1.1)
      method_source (~> 1.0)
    pry-rails (0.3.9)
      pry (>= 0.10.4)
    public_suffix (5.0.3)
    puma (5.6.9)
      nio4r (~> 2.0)
    pundit (2.3.1)
      activesupport (>= 3.0.0)
    racc (1.8.1)
    rack (2.2.11)
    rack-protection (3.2.0)
      base64 (>= 0.1.0)
      rack (~> 2.2, >= 2.2.4)
    rack-proxy (0.7.7)
      rack
    rack-test (2.1.0)
      rack (>= 1.3)
    rails (6.1.7.9)
      actioncable (= 6.1.7.9)
      actionmailbox (= 6.1.7.9)
      actionmailer (= 6.1.7.9)
      actionpack (= 6.1.7.9)
      actiontext (= 6.1.7.9)
      actionview (= 6.1.7.9)
      activejob (= 6.1.7.9)
      activemodel (= 6.1.7.9)
      activerecord (= 6.1.7.9)
      activestorage (= 6.1.7.9)
      activesupport (= 6.1.7.9)
      bundler (>= 1.15.0)
      railties (= 6.1.7.9)
      sprockets-rails (>= 2.0.0)
    rails-dom-testing (2.2.0)
      activesupport (>= 5.0.0)
      minitest
      nokogiri (>= 1.6)
    rails-html-sanitizer (1.6.1)
      loofah (~> 2.21)
      nokogiri (>= 1.15.7, != 1.16.7, != 1.16.6, != 1.16.5, != 1.16.4, != 1.16.3, != 1.16.2, != 1.16.1, != 1.16.0.rc1, != 1.16.0)
    railties (6.1.7.9)
      actionpack (= 6.1.7.9)
      activesupport (= 6.1.7.9)
      method_source
      rake (>= 12.2)
      thor (~> 1.0)
    rainbow (3.1.1)
    rake (13.1.0)
    rb-fsevent (0.11.2)
    rb-inotify (0.10.1)
      ffi (~> 1.0)
    redis (4.8.1)
    redis-client (0.18.0)
      connection_pool
    regexp_parser (2.8.2)
    request_store (1.5.1)
      rack (>= 1.4)
    rexml (3.3.9)
    rspec-core (3.12.2)
      rspec-support (~> 3.12.0)
    rspec-expectations (3.12.3)
      diff-lcs (>= 1.2.0, < 2.0)
      rspec-support (~> 3.12.0)
    rspec-mocks (3.12.6)
      diff-lcs (>= 1.2.0, < 2.0)
      rspec-support (~> 3.12.0)
    rspec-rails (5.1.2)
      actionpack (>= 5.2)
      activesupport (>= 5.2)
      railties (>= 5.2)
      rspec-core (~> 3.10)
      rspec-expectations (~> 3.10)
      rspec-mocks (~> 3.10)
      rspec-support (~> 3.10)
    rspec-support (3.12.1)
    rubocop (1.56.4)
      base64 (~> 0.1.1)
      json (~> 2.3)
      language_server-protocol (>= 3.17.0)
      parallel (~> 1.10)
      parser (>= 3.2.2.3)
      rainbow (>= 2.2.2, < 4.0)
      regexp_parser (>= 1.8, < 3.0)
      rexml (>= 3.2.5, < 4.0)
      rubocop-ast (>= 1.28.1, < 2.0)
      ruby-progressbar (~> 1.7)
      unicode-display_width (>= 2.4.0, < 3.0)
    rubocop-ast (1.30.0)
      parser (>= 3.2.1.0)
    rubocop-performance (1.19.1)
      rubocop (>= 1.7.0, < 2.0)
      rubocop-ast (>= 0.4.0)
    ruby-progressbar (1.13.0)
    ruby-saml (1.17.0)
      nokogiri (>= 1.13.10)
      rexml
    ruby-vips (2.2.0)
      ffi (~> 1.12)
    ruby2_keywords (0.0.5)
    ruby_parser (3.20.3)
      sexp_processor (~> 4.16)
    rubyzip (2.3.2)
    sassc (2.4.0)
      ffi (~> 1.9)
    sassc-rails (2.1.2)
      railties (>= 4.0.0)
      sassc (>= 2.0)
      sprockets (> 3.0)
      sprockets-rails
      tilt
    selenium-webdriver (4.14.0)
      rexml (~> 3.2, >= 3.2.5)
      rubyzip (>= 1.2.2, < 3.0)
      websocket (~> 1.0)
    semantic_range (3.0.0)
    sexp_processor (4.17.0)
    shoulda-matchers (5.3.0)
      activesupport (>= 5.2.0)
    sidekiq (7.1.6)
      concurrent-ruby (< 2)
      connection_pool (>= 2.3.0)
      rack (>= 2.2.4)
      redis-client (>= 0.14.0)
    skylight (6.0.1)
      activesupport (>= 5.2.0)
    snaky_hash (2.0.1)
      hashie
      version_gem (~> 1.1, >= 1.1.1)
    spring (4.1.1)
    spring-watcher-listen (2.1.0)
      listen (>= 2.7, < 4.0)
      spring (>= 4)
    sprockets (4.2.1)
      concurrent-ruby (~> 1.0)
      rack (>= 2.2.4, < 4)
    sprockets-rails (3.4.2)
      actionpack (>= 5.2)
      activesupport (>= 5.2)
      sprockets (>= 3.0.0)
    standard (1.31.2)
      language_server-protocol (~> 3.17.0.2)
      lint_roller (~> 1.0)
      rubocop (~> 1.56.4)
      standard-custom (~> 1.0.0)
      standard-performance (~> 1.2)
    standard-custom (1.0.2)
      lint_roller (~> 1.0)
      rubocop (~> 1.50)
    standard-performance (1.2.1)
      lint_roller (~> 1.1)
      rubocop-performance (~> 1.19.1)
    stimulus-rails (1.3.0)
      railties (>= 6.0.0)
    temple (0.10.3)
    thor (1.3.1)
    tilt (2.3.0)
    timeout (0.4.3)
    turbo-rails (2.0.11)
      actionpack (>= 6.0.0)
      railties (>= 6.0.0)
    tzinfo (2.0.6)
      concurrent-ruby (~> 1.0)
    uglifier (4.2.0)
      execjs (>= 0.3.0, < 3)
    unicode-display_width (2.5.0)
    uniform_notifier (1.16.0)
    version_gem (1.1.3)
    warden (1.2.9)
      rack (>= 2.0.9)
    web-console (4.2.1)
      actionview (>= 6.0.0)
      activemodel (>= 6.0.0)
      bindex (>= 0.4.0)
      railties (>= 6.0.0)
    webpacker (6.0.0.rc.6)
      activesupport (>= 5.2)
      rack-proxy (>= 0.6.1)
      railties (>= 5.2)
      semantic_range (>= 2.3.0)
    websocket (1.2.10)
    websocket-driver (0.7.6)
      websocket-extensions (>= 0.1.0)
    websocket-extensions (0.1.5)
    xpath (3.2.0)
      nokogiri (~> 1.8)
    zeitwerk (2.6.18)

PLATFORMS
  arm64-darwin-22
  arm64-darwin-23
  x86_64-linux

DEPENDENCIES
  annotate (~> 3.1.1)
  bootsnap (>= 1.4.3)
  bullet
  capybara
  database_cleaner
  devise!
  draper (~> 4.0)
  erb2haml
  factory_bot_rails
  faker (~> 2.19)
  ffaker
  geocoder
  haml-rails
  hotwire-rails
  image_processing
  jbuilder (~> 2.7)
  ldap_lookup
  letter_opener_web (~> 2.0)
  listen
  omniauth-google-oauth2
  omniauth-rails_csrf_protection
  omniauth-saml (~> 2.1)
  order_as_specified (~> 1.7)
  pagy
  pg (>= 0.18, < 2.0)
  pg_search
  pry
  pry-rails
  puma (= 5.6.9)
  pundit
  rails (~> 6.1.7)
  redis (~> 4.8, >= 4.8.1)
  responders!
  rspec-rails (~> 5.0, >= 5.0.2)
  rubocop-performance
  sassc-rails
  selenium-webdriver
  shoulda-matchers
  sidekiq (~> 7.1.3)
  skylight
  spring
  spring-watcher-listen
  standard
  tzinfo-data
  uglifier
  web-console (>= 3.3.0)
  webpacker (~> 6.0.0.rc.5)

RUBY VERSION
   ruby 3.1.0p0

BUNDLED WITH
   2.5.9
